GEM
  remote: http://rubygems.org/
  specs:
    builder (3.0.0)
    cri (2.0.2)
    daemons (1.1.5)
    eventmachine (0.12.10)
    mime-types (1.17.2)
    nanoc3 (3.2.4)
      cri (~> 2.0)
    rack (2.1.4)
    rack-contrib (1.1.0)
      rack (>= 0.9.1)
    rack-rewrite (1.2.1)
    rake (0.9.2.2)
    thin (1.3.1)
      daemons (>= 1.0.9)
      eventmachine (>= 0.12.6)
      rack (>= 1.0.0)

PLATFORMS
  ruby

DEPENDENCIES
  builder
  mime-types
  nanoc3
  rack
  rack-contrib
  rack-rewrite
  rake
  thin
